GEM
  remote: https://rubygems.org/
  specs:
    asciiart (0.0.10)
      rainbow (= 2.0.0)
      rmagick (= 2.13.4)
    colorize (0.8.1)
    date (3.1.1)
    diff-lcs (1.4.4)
    espeak-ruby (1.0.4)
    pastel (0.8.0)
      tty-color (~> 0.5)
    rainbow (2.0.0)
    rmagick (2.13.4)
    rspec (3.10.0)
      rspec-core (~> 3.10.0)
      rspec-expectations (~> 3.10.0)
      rspec-mocks (~> 3.10.0)
    rspec-core (3.10.1)
      rspec-support (~> 3.10.0)
    rspec-expectations (3.10.1)
      diff-lcs (>= 1.2.0, < 2.0)
      rspec-support (~> 3.10.0)
    rspec-mocks (3.10.2)
      diff-lcs (>= 1.2.0, < 2.0)
      rspec-support (~> 3.10.0)
    rspec-support (3.10.2)
    tty-color (0.6.0)
    tty-cursor (0.7.1)
    tty-prompt (0.23.1)
      pastel (~> 0.8)
      tty-reader (~> 0.8)
    tty-reader (0.9.0)
      tty-cursor (~> 0.7)
      tty-screen (~> 0.8)
      wisper (~> 2.0)
    tty-screen (0.8.1)
    wisper (2.0.1)

PLATFORMS
  ruby

DEPENDENCIES
  asciiart
  colorize (~> 0.8.1)
  date
  espeak-ruby (~> 1.0)
  rspec
  tty-prompt

BUNDLED WITH
   2.1.4
