GEM
  remote: https://rubygems.org/
  specs:
    colorize (0.8.1)
    espeak-ruby (1.0.4)

PLATFORMS
  ruby

DEPENDENCIES
  colorize (~> 0.8.1)

BUNDLED WITH
   1.17.2
